{
	"Manufacturer": "Siemens",
	"ManufacturersModelName": "Skyra",
	"EchoTrainLength": 51,
	"AcquisitionNumber": 1,
	"InstitutionName": "Clinica_Alemana_La_Dehesa",
	"InstitutionAddress": "Av_Jose_Alcalde_Delano_12205_Santiago_Metropolitana_CL_ZIP",
	"DeviceSerialNumber": "46302",
	"SoftwareVersions": "syngo_MR_E11",
	"ProcedureStepDescription": "RM_Cerebro",
	"ScanningSequence": "EP",
	"SequenceVariant": "SK_SP",
	"SeriesDescription": "ep2d_diff_mddw_30_p2",
	"BodyPartExamined": "BRAIN",
	"ProtocolName": "ep2d_diff_mddw_30_p2",
	"SequenceName": "_ep_b0",
	"ImageType": ["ORIGINAL", "PRIMARY", "DIFFUSION", "NONE", "ND", "NORM", "MOSAIC"],
	"AcquisitionTime": "18:41:30.220000",
	"MagneticFieldStrength": 3,
	"FlipAngle": 90,
	"EchoTime": 0.095,
	"RepetitionTime": 8.6,
	"PhaseEncodingLines": 128,
	"BandwidthPerPixelPhaseEncode": 21.701,
	"EffectiveEchoSpacing": 0.000360006,
	"TotalReadoutTime": 0.0360006,
	"AccelFactPE": 2,
	"TrueEchoSpacing": 0.000720013,
	"SliceTiming": [
		4.2875,
		0,
		4.4225,
		0.1325,
		4.5575,
		0.2675,
		4.69,
		0.4,
		4.825,
		0.535,
		4.96,
		0.67,
		5.0925,
		0.8025,
		5.2275,
		0.9375,
		5.36,
		1.07,
		5.495,
		1.205,
		5.63,
		1.34,
		5.7625,
		1.4725,
		5.8975,
		1.6075,
		6.0325,
		1.7425,
		6.165,
		1.875,
		6.3,
		2.01,
		6.4325,
		2.1425,
		6.5675,
		2.2775,
		6.7025,
		2.4125,
		6.835,
		2.545,
		6.97,
		2.68,
		7.105,
		2.815,
		7.2375,
		2.9475,
		7.3725,
		3.0825,
		7.505,
		3.215,
		7.64,
		3.35,
		7.775,
		3.485,
		7.9075,
		3.6175,
		8.0425,
		3.7525,
		8.1775,
		3.8875,
		8.31,
		4.02,
		8.445,
		4.155	],
	"PhaseEncodingDirection": "j-",
	"ConversionSoftware": "dcm2niix",
	"ConversionSoftwareVersion": "v1.0.20170724 (OpenJPEG build) GCC6.1.0"
}
