{
	"Modality": "MR",
	"MagneticFieldStrength": 3,
	"ImagingFrequency": 123.25,
	"Manufacturer": "Siemens",
	"ManufacturersModelName": "Skyra",
	"InstitutionName": "Clinica Alemana La Dehesa",
	"InstitutionalDepartmentName": "Department",
	"InstitutionAddress": "Av Jose Alcalde Delano 12205,Santiago,Metropolitana,CL,ZIP",
	"DeviceSerialNumber": "46302",
	"StationName": "AWP46302",
	"BodyPartExamined": "BRAIN",
	"PatientPosition": "HFS",
	"ProcedureStepDescription": "RM Investigación Neuro CoVid",
	"SoftwareVersions": "syngo MR E11",
	"MRAcquisitionType": "2D",
	"SeriesDescription": "ep2d_diff_mddw_30_p2",
	"ProtocolName": "ep2d_diff_mddw_30_p2",
	"ScanningSequence": "EP",
	"SequenceVariant": "SK\\SP",
	"ScanOptions": "PFP\\FS",
	"SequenceName": "*ep_b0",
	"ImageType": ["ORIGINAL", "PRIMARY", "DIFFUSION", "NONE", "ND", "NORM", "MOSAIC"],
	"SeriesNumber": 14,
	"AcquisitionTime": "18:44:29.205000",
	"AcquisitionNumber": 1,
	"SliceThickness": 1.9,
	"SpacingBetweenSlices": 2.47,
	"SAR": 0.401275,
	"EchoTime": 0.095,
	"RepetitionTime": 8.6,
	"SpoilingState": true,
	"FlipAngle": 90,
	"PartialFourier": 0.75,
	"BaseResolution": 128,
	"ShimSetting": [
		4327,
		-11261,
		11964,
		502,
		1163,
		85,
		430,
		-217	],
	"DiffusionScheme": "Bipolar",
	"TxRefAmp": 391.619,
	"PhaseResolution": 1,
	"ReceiveCoilName": "HeadNeck_20",
	"ReceiveCoilActiveElements": "HE1-4",
	"PulseSequenceDetails": "%SiemensSeq%\\ep2d_diff",
	"RefLinesPE": 38,
	"CoilCombinationMethod": "Adaptive Combine",
	"ConsistencyInfo": "N4_VE11C_LATEST_20160120",
	"MatrixCoilMode": "GRAPPA",
	"PercentPhaseFOV": 100,
	"PercentSampling": 100,
	"EchoTrainLength": 51,
	"PhaseEncodingSteps": 102,
	"AcquisitionMatrixPE": 128,
	"ReconMatrixPE": 128,
	"BandwidthPerPixelPhaseEncode": 21.701,
	"ParallelReductionFactorInPlane": 2,
	"EffectiveEchoSpacing": 0.000360006,
	"DerivedVendorReportedEchoSpacing": 0.000720013,
	"TotalReadoutTime": 0.0457208,
	"PixelBandwidth": 1565,
	"DwellTime": 2.5e-06,
	"PhaseEncodingDirection": "j-",
	"SliceTiming": [
		4.29,
		0,
		4.425,
		0.135,
		4.5575,
		0.2675,
		4.6925,
		0.4025,
		4.8275,
		0.5375,
		4.96,
		0.67,
		5.095,
		0.805,
		5.23,
		0.94,
		5.3625,
		1.0725,
		5.4975,
		1.2075,
		5.63,
		1.34,
		5.765,
		1.475,
		5.9,
		1.61,
		6.0325,
		1.7425,
		6.1675,
		1.8775,
		6.3025,
		2.0125,
		6.435,
		2.145,
		6.57,
		2.28,
		6.7025,
		2.4125,
		6.8375,
		2.5475,
		6.9725,
		2.6825,
		7.105,
		2.815,
		7.24,
		2.95,
		7.375,
		3.085,
		7.5075,
		3.2175,
		7.6425,
		3.3525,
		7.775,
		3.485,
		7.91,
		3.62,
		8.045,
		3.755,
		8.1775,
		3.8875,
		8.3125,
		4.0225,
		8.4475,
		4.1575	],
	"ImageOrientationPatientDICOM": [
		0.998441,
		-0.0558215,
		0,
		0.0558215,
		0.998441,
		0	],
	"ImageOrientationText": "Tra",
	"InPlanePhaseEncodingDirectionDICOM": "COL",
	"ConversionSoftware": "dcm2niix",
	"ConversionSoftwareVersion": "v1.0.20211006"
}
