{
	"Modality": "MR",
	"MagneticFieldStrength": 3,
	"ImagingFrequency": 123.25,
	"Manufacturer": "Siemens",
	"ManufacturersModelName": "Skyra",
	"InstitutionName": "Clinica Alemana La Dehesa",
	"InstitutionalDepartmentName": "Department",
	"InstitutionAddress": "Av Jose Alcalde Delano 12205,Santiago,Metropolitana,CL,ZIP",
	"DeviceSerialNumber": "46302",
	"StationName": "AWP46302",
	"BodyPartExamined": "BRAIN",
	"PatientPosition": "HFS",
	"ProcedureStepDescription": "RM Investigación Neuro CoVid",
	"SoftwareVersions": "syngo MR E11",
	"MRAcquisitionType": "2D",
	"SeriesDescription": "ep2d_diff_mddw_30_p2",
	"ProtocolName": "ep2d_diff_mddw_30_p2",
	"ScanningSequence": "EP",
	"SequenceVariant": "SK\\SP",
	"ScanOptions": "PFP\\FS",
	"SequenceName": "*ep_b0",
	"ImageType": ["ORIGINAL", "PRIMARY", "DIFFUSION", "NONE", "ND", "NORM", "MOSAIC"],
	"SeriesNumber": 14,
	"AcquisitionTime": "17:42:6.205000",
	"AcquisitionNumber": 1,
	"SliceThickness": 1.9,
	"SpacingBetweenSlices": 2.47,
	"SAR": 0.481348,
	"EchoTime": 0.095,
	"RepetitionTime": 8.6,
	"SpoilingState": true,
	"FlipAngle": 90,
	"PartialFourier": 0.75,
	"BaseResolution": 128,
	"ShimSetting": [
		4330,
		-11421,
		11775,
		184,
		1345,
		-811,
		371,
		-68	],
	"DiffusionScheme": "Bipolar",
	"TxRefAmp": 372.286,
	"PhaseResolution": 1,
	"ReceiveCoilName": "HeadNeck_20",
	"CoilString": "HE1-4",
	"PulseSequenceDetails": "%SiemensSeq%\\ep2d_diff",
	"RefLinesPE": 38,
	"CoilCombinationMethod": "Adaptive Combine",
	"ConsistencyInfo": "N4_VE11C_LATEST_20160120",
	"MatrixCoilMode": "GRAPPA",
	"PercentPhaseFOV": 100,
	"PercentSampling": 100,
	"EchoTrainLength": 51,
	"PhaseEncodingSteps": 102,
	"AcquisitionMatrixPE": 128,
	"ReconMatrixPE": 128,
	"BandwidthPerPixelPhaseEncode": 21.701,
	"ParallelReductionFactorInPlane": 2,
	"EffectiveEchoSpacing": 0.000360006,
	"DerivedVendorReportedEchoSpacing": 0.000720013,
	"TotalReadoutTime": 0.0457208,
	"PixelBandwidth": 1565,
	"DwellTime": 2.5e-06,
	"PhaseEncodingDirection": "j-",
	"SliceTiming": [
		4.29,
		0,
		4.4225,
		0.1325,
		4.5575,
		0.2675,
		4.69,
		0.4,
		4.825,
		0.535,
		4.96,
		0.67,
		5.0925,
		0.8025,
		5.2275,
		0.9375,
		5.3625,
		1.0725,
		5.495,
		1.205,
		5.63,
		1.34,
		5.7625,
		1.4725,
		5.8975,
		1.6075,
		6.0325,
		1.7425,
		6.165,
		1.875,
		6.3,
		2.01,
		6.4325,
		2.145,
		6.5675,
		2.2775,
		6.7025,
		2.4125,
		6.835,
		2.545,
		6.97,
		2.68,
		7.105,
		2.815,
		7.2375,
		2.9475,
		7.3725,
		3.0825,
		7.505,
		3.2175,
		7.64,
		3.35,
		7.775,
		3.485,
		7.9075,
		3.6175,
		8.0425,
		3.7525,
		8.1775,
		3.8875,
		8.31,
		4.02,
		8.445,
		4.155	],
	"ImageOrientationPatientDICOM": [
		0.999742,
		-0.0227016,
		5.43837e-05,
		0.0226873,
		0.999193,
		0.0331547	],
	"ImageOrientationText": "Tra>Cor(1.9)>Sag(0.0)",
	"InPlanePhaseEncodingDirectionDICOM": "COL",
	"ConversionSoftware": "dcm2niix",
	"ConversionSoftwareVersion": "v1.0.20211006"
}
