{
	"Manufacturer": "Siemens",
	"ManufacturersModelName": "Skyra",
	"EchoTrainLength": 51,
	"AcquisitionNumber": 1,
	"InstitutionName": "Clinica_Alemana_La_Dehesa",
	"InstitutionAddress": "Av_Jose_Alcalde_Delano_12205_Santiago_Metropolitana_CL_ZIP",
	"DeviceSerialNumber": "46302",
	"SoftwareVersions": "syngo_MR_E11",
	"ProcedureStepDescription": "RM_Cerebro",
	"ScanningSequence": "EP",
	"SequenceVariant": "SK_SP",
	"SeriesDescription": "ep2d_diff_mddw_30_p2",
	"BodyPartExamined": "BRAIN",
	"ProtocolName": "ep2d_diff_mddw_30_p2",
	"SequenceName": "_ep_b0",
	"ImageType": ["ORIGINAL", "PRIMARY", "DIFFUSION", "NONE", "ND", "NORM", "MOSAIC"],
	"AcquisitionTime": "16:43:54.300000",
	"MagneticFieldStrength": 3,
	"FlipAngle": 90,
	"EchoTime": 0.095,
	"RepetitionTime": 8.6,
	"PhaseEncodingLines": 128,
	"BandwidthPerPixelPhaseEncode": 21.701,
	"EffectiveEchoSpacing": 0.000360006,
	"TotalReadoutTime": 0.0360006,
	"AccelFactPE": 2,
	"TrueEchoSpacing": 0.000720013,
	"SliceTiming": [
		4.29,
		0,
		4.425,
		0.135,
		4.56,
		0.27,
		4.6925,
		0.4025,
		4.8275,
		0.5375,
		4.96,
		0.67,
		5.095,
		0.805,
		5.23,
		0.94,
		5.3625,
		1.0725,
		5.4975,
		1.2075,
		5.6325,
		1.3425,
		5.765,
		1.475,
		5.9,
		1.61,
		6.0325,
		1.7425,
		6.1675,
		1.8775,
		6.3025,
		2.0125,
		6.435,
		2.145,
		6.57,
		2.28,
		6.705,
		2.415,
		6.8375,
		2.5475,
		6.9725,
		2.6825,
		7.105,
		2.815,
		7.24,
		2.95,
		7.375,
		3.085,
		7.5075,
		3.2175,
		7.6425,
		3.3525,
		7.7775,
		3.4875,
		7.91,
		3.62,
		8.045,
		3.755,
		8.1775,
		3.8875,
		8.3125,
		4.0225,
		8.4475,
		4.1575	],
	"PhaseEncodingDirection": "j-",
	"ConversionSoftware": "dcm2niix",
	"ConversionSoftwareVersion": "v1.0.20170724 (OpenJPEG build) GCC6.1.0"
}
