{
	"Modality": "MR",
	"MagneticFieldStrength": 3,
	"ImagingFrequency": 123.25,
	"Manufacturer": "Siemens",
	"ManufacturersModelName": "Skyra",
	"InstitutionName": "Clinica Alemana La Dehesa",
	"InstitutionalDepartmentName": "Department",
	"InstitutionAddress": "Av Jose Alcalde Delano 12205,Santiago,Metropolitana,CL,ZIP",
	"DeviceSerialNumber": "46302",
	"StationName": "AWP46302",
	"BodyPartExamined": "BRAIN",
	"PatientPosition": "HFS",
	"ProcedureStepDescription": "RM Investigación Neuro CoVid",
	"SoftwareVersions": "syngo MR E11",
	"MRAcquisitionType": "2D",
	"SeriesDescription": "fMRI_200X30 RS_Tarea",
	"ProtocolName": "fMRI_200X30 RS_Tarea",
	"ScanningSequence": "EP",
	"SequenceVariant": "SK",
	"ScanOptions": "FS",
	"SequenceName": "*epfid2d1_74",
	"ImageType": ["ORIGINAL", "PRIMARY", "M", "ND", "MOSAIC"],
	"SeriesNumber": 12,
	"AcquisitionTime": "16:15:33.457500",
	"AcquisitionNumber": 1,
	"SliceThickness": 3,
	"SpacingBetweenSlices": 4.02,
	"SAR": 0.158525,
	"EchoTime": 0.035,
	"RepetitionTime": 2.39,
	"FlipAngle": 90,
	"PartialFourier": 1,
	"BaseResolution": 74,
    "TaskName": "ReversalLearnigTask",
	"ShimSetting": [
		4320,
		-11211,
		12021,
		187,
		1110,
		-126,
		315,
		-280	],
	"TxRefAmp": 440.907,
	"PhaseResolution": 1,
	"ReceiveCoilName": "HeadNeck_20",
	"CoilString": "HE1-4",
	"PulseSequenceDetails": "%SiemensSeq%\\ep2d_pace",
	"RefLinesPE": 24,
	"CoilCombinationMethod": "Sum of Squares",
	"ConsistencyInfo": "N4_VE11C_LATEST_20160120",
	"MatrixCoilMode": "GRAPPA",
	"PercentPhaseFOV": 100,
	"PercentSampling": 100,
	"EchoTrainLength": 37,
	"PhaseEncodingSteps": 74,
	"AcquisitionMatrixPE": 74,
	"ReconMatrixPE": 74,
	"BandwidthPerPixelPhaseEncode": 41.58,
	"ParallelReductionFactorInPlane": 2,
	"EffectiveEchoSpacing": 0.000325,
	"DerivedVendorReportedEchoSpacing": 0.000650001,
	"TotalReadoutTime": 0.023725,
	"PixelBandwidth": 1780,
	"DwellTime": 3.8e-06,
	"PhaseEncodingDirection": "i",
	"SliceTiming": [
		1.185,
		0,
		1.2475,
		0.0625,
		1.31,
		0.125,
		1.3725,
		0.1875,
		1.435,
		0.25,
		1.4975,
		0.3125,
		1.56,
		0.375,
		1.6225,
		0.4375,
		1.685,
		0.5,
		1.7475,
		0.5625,
		1.81,
		0.625,
		1.8725,
		0.6875,
		1.935,
		0.75,
		1.9975,
		0.8125,
		2.06,
		0.875,
		2.1225,
		0.9375,
		2.1825,
		1,
		2.245,
		1.06,
		2.3075,
		1.1225	],
	"ImageOrientationPatientDICOM": [
		0.990746,
		-0.135701,
		0.00264504,
		0.101685,
		0.729203,
		-0.6767	],
	"ImageOrientationText": "Tra>Cor(-42.3)>Sag(-5.2)",
	"InPlanePhaseEncodingDirectionDICOM": "ROW",
	"ConversionSoftware": "dcm2niix",
	"ConversionSoftwareVersion": "v1.0.20211006"
}
