{
	"Manufacturer": "Siemens",
	"ManufacturersModelName": "Skyra",
	"EchoTrainLength": 37,
	"AcquisitionNumber": 1,
	"InstitutionName": "Clinica_Alemana_La_Dehesa",
	"InstitutionAddress": "Av_Jose_Alcalde_Delano_12205_Santiago_Metropolitana_CL_ZIP",
	"DeviceSerialNumber": "46302",
	"SoftwareVersions": "syngo_MR_E11",
	"ProcedureStepDescription": "RM_Cerebro",
	"ScanningSequence": "EP",
	"SequenceVariant": "SK",
	"SeriesDescription": "fMRI_200X30_RS_Tarea",
	"BodyPartExamined": "BRAIN",
	"ProtocolName": "fMRI_200X30_RS_Tarea",
	"SequenceName": "_epfid2d1_74",
	"ImageType": ["ORIGINAL", "PRIMARY", "M", "ND", "MOSAIC"],
	"AcquisitionTime": "17:16:55.460000",
	"MagneticFieldStrength": 3,
	"FlipAngle": 90,
	"EchoTime": 0.035,
	"RepetitionTime": 2.39,
	"PhaseEncodingLines": 74,
	"BandwidthPerPixelPhaseEncode": 41.58,
	"EffectiveEchoSpacing": 0.000325,
	"TotalReadoutTime": 0.0234,
	"AccelFactPE": 2,
	"TrueEchoSpacing": 0.000650001,
    "TaskName": "ReversalLearnigTask",
	"SliceTiming": [
		1.185,
		0,
		1.2475,
		0.0625,
		1.31,
		0.125,
		1.3725,
		0.1875,
		1.435,
		0.25,
		1.4975,
		0.3125,
		1.56,
		0.375,
		1.6225,
		0.4375,
		1.685,
		0.5,
		1.7475,
		0.5625,
		1.8075,
		0.625,
		1.87,
		0.685,
		1.9325,
		0.7475,
		1.995,
		0.81,
		2.0575,
		0.8725,
		2.12,
		0.935,
		2.1825,
		0.9975,
		2.245,
		1.06,
		2.3075,
		1.1225	],
	"PhaseEncodingDirection": "i-",
	"ConversionSoftware": "dcm2niix",
	"ConversionSoftwareVersion": "v1.0.20170724 (OpenJPEG build) GCC6.1.0"
}
