{
	"Manufacturer": "Siemens",
	"ManufacturersModelName": "Skyra",
	"EchoTrainLength": 51,
	"AcquisitionNumber": 1,
	"InstitutionName": "Clinica_Alemana_La_Dehesa",
	"InstitutionAddress": "Av_Jose_Alcalde_Delano_12205_Santiago_Metropolitana_CL_ZIP",
	"DeviceSerialNumber": "46302",
	"SoftwareVersions": "syngo_MR_E11",
	"ProcedureStepDescription": "RM_Investigacion_Neuro_CoVid",
	"ScanningSequence": "EP",
	"SequenceVariant": "SK_SP",
	"SeriesDescription": "ep2d_diff_mddw_30_p2",
	"BodyPartExamined": "BRAIN",
	"ProtocolName": "ep2d_diff_mddw_30_p2",
	"SequenceName": "_ep_b0",
	"ImageType": ["ORIGINAL", "PRIMARY", "DIFFUSION", "NONE", "ND", "NORM", "MOSAIC"],
	"AcquisitionTime": "18:52:35.247500",
	"MagneticFieldStrength": 3,
	"FlipAngle": 90,
	"EchoTime": 0.095,
	"RepetitionTime": 8.6,
	"PhaseEncodingLines": 128,
	"BandwidthPerPixelPhaseEncode": 21.701,
	"EffectiveEchoSpacing": 0.000360006,
	"TotalReadoutTime": 0.0360006,
	"AccelFactPE": 2,
	"TrueEchoSpacing": 0.000720013,
	"SliceTiming": [
		4.29,
		0,
		4.425,
		0.135,
		4.5575,
		0.2675,
		4.6925,
		0.4025,
		4.825,
		0.535,
		4.96,
		0.67,
		5.095,
		0.805,
		5.2275,
		0.9375,
		5.3625,
		1.0725,
		5.4975,
		1.2075,
		5.63,
		1.34,
		5.765,
		1.475,
		5.8975,
		1.6075,
		6.0325,
		1.7425,
		6.1675,
		1.8775,
		6.3,
		2.01,
		6.435,
		2.145,
		6.57,
		2.28,
		6.7025,
		2.4125,
		6.8375,
		2.5475,
		6.97,
		2.68,
		7.105,
		2.815,
		7.24,
		2.95,
		7.3725,
		3.0825,
		7.5075,
		3.2175,
		7.6425,
		3.3525,
		7.775,
		3.485,
		7.91,
		3.62,
		8.0425,
		3.7525,
		8.1775,
		3.8875,
		8.3125,
		4.0225,
		8.445,
		4.155	],
	"PhaseEncodingDirection": "j-",
	"ConversionSoftware": "dcm2niix",
	"ConversionSoftwareVersion": "v1.0.20170724 (OpenJPEG build) GCC6.1.0"
}
